GEM
  remote: https://rubygems.org/
  specs:
    activesupport (5.0.0.1)
      concurrent-ruby (~> 1.0, >= 1.0.2)
      i18n (~> 0.7)
      minitest (~> 5.1)
      tzinfo (~> 1.1)
    addressable (2.2.8)
    concurrent-ruby (1.0.2)
    cowsay (0.0.5)
    erubis (2.7.0)
    gist (4.2.0)
    github (0.7.2)
      highline (~> 1.6)
      json_pure (~> 1.5.1)
      launchy (~> 2.0.2)
      text-format (= 1.0.0)
      text-hyphen (= 1.0.0)
    highline (1.6.20)
    i18n (0.7.0)
    json_pure (1.5.5)
      spruz (~> 0.2.8)
    launchy (2.0.5)
      addressable (~> 2.2.6)
    lolcat (42.0.99)
      paint (~> 0.8.3)
      trollop (~> 1.16.2)
    minitest (5.9.1)
    paint (0.8.7)
    rake (10.1.1)
    spruz (0.2.13)
    text-format (1.0.0)
      text-hyphen (~> 1.0.0)
    text-hyphen (1.0.0)
    thor (0.18.1)
    thread_safe (0.3.5)
    tmuxinator (0.6.6)
      activesupport
      erubis
      thor (>= 0.18.0)
    trollop (1.16.2)
    tzinfo (1.2.2)
      thread_safe (~> 0.1)

PLATFORMS
  ruby

DEPENDENCIES
  cowsay
  gist
  github
  lolcat
  rake
  tmuxinator

BUNDLED WITH
   1.13.1
