GEM
  remote: https://rubygems.org/
  specs:
    activesupport (4.0.13)
      i18n (~> 0.6, >= 0.6.9)
      minitest (~> 4.2)
      multi_json (~> 1.3)
      thread_safe (~> 0.1)
      tzinfo (~> 0.3.37)
    addressable (2.2.8)
    cowsay (0.3.0)
    equatable (0.5.0)
    erubis (2.7.0)
    gist (4.5.0)
    github (0.7.2)
      highline (~> 1.6)
      json_pure (~> 1.5.1)
      launchy (~> 2.0.2)
      text-format (= 1.0.0)
      text-hyphen (= 1.0.0)
    highline (1.7.8)
    i18n (0.8.1)
    jira-ruby (1.1.3)
      activesupport
      oauth (~> 0.5, >= 0.5.0)
    json_pure (1.5.5)
      spruz (~> 0.2.8)
    launchy (2.0.5)
      addressable (~> 2.2.6)
    lolcat (42.24.0)
      paint (~> 2.0.0)
      trollop (~> 2.1.2)
    minitest (4.7.5)
    msgpack (1.1.0)
    multi_json (1.12.1)
    necromancer (0.3.0)
    neovim (0.3.3)
      msgpack (~> 1.0)
    oauth (0.5.1)
    paint (2.0.0)
    pastel (0.6.1)
      equatable (~> 0.5.0)
      tty-color (~> 0.3.0)
    rake (12.0.0)
    spruz (0.2.13)
    terjira (0.3.3)
      activesupport (= 4.0.13)
      jira-ruby (~> 1.1.3)
      thor (~> 0.19.0)
      tty-prompt (~> 0.9.0)
      tty-spinner (~> 0.4.1)
      tty-table (~> 0.6.0)
    text-format (1.0.0)
      text-hyphen (~> 1.0.0)
    text-hyphen (1.0.0)
    thor (0.19.4)
    thread_safe (0.3.6)
    tmuxinator (0.9.0)
      erubis (~> 2.6)
      thor (~> 0.19, >= 0.15.0)
    trollop (2.1.2)
    tty-color (0.3.0)
    tty-cursor (0.3.0)
    tty-prompt (0.9.0)
      necromancer (~> 0.3.0)
      pastel (~> 0.6.0)
      tty-cursor (~> 0.3.0)
      wisper (~> 1.6.1)
    tty-screen (0.5.0)
    tty-spinner (0.4.1)
    tty-table (0.6.0)
      equatable (~> 0.5.0)
      necromancer (~> 0.3.0)
      pastel (~> 0.6.0)
      tty-screen (~> 0.5.0)
      unicode-display_width (~> 1.1.0)
      verse (~> 0.5.0)
    tzinfo (0.3.53)
    unicode-display_width (1.1.3)
    unicode_utils (1.4.0)
    verse (0.5.0)
      unicode-display_width (~> 1.1.0)
      unicode_utils (~> 1.4.0)
    wisper (1.6.1)

PLATFORMS
  ruby

DEPENDENCIES
  cowsay
  gist
  github
  lolcat
  neovim
  rake
  terjira
  tmuxinator

BUNDLED WITH
   1.14.5
