GEM
  remote: https://rubygems.org/
  specs:
    addressable (2.2.8)
    cowsay (0.3.0)
    erubis (2.7.0)
    gist (4.5.0)
    github (0.7.2)
      highline (~> 1.6)
      json_pure (~> 1.5.1)
      launchy (~> 2.0.2)
      text-format (= 1.0.0)
      text-hyphen (= 1.0.0)
    highline (1.7.8)
    json_pure (1.5.5)
      spruz (~> 0.2.8)
    launchy (2.0.5)
      addressable (~> 2.2.6)
    lolcat (42.24.0)
      paint (~> 2.0.0)
      trollop (~> 2.1.2)
    msgpack (1.0.2)
    neovim (0.3.1)
      msgpack (~> 1.0)
    paint (2.0.0)
    rake (12.0.0)
    spruz (0.2.13)
    text-format (1.0.0)
      text-hyphen (~> 1.0.0)
    text-hyphen (1.0.0)
    thor (0.19.4)
    tmuxinator (0.9.0)
      erubis (~> 2.6)
      thor (~> 0.19, >= 0.15.0)
    trollop (2.1.2)

PLATFORMS
  ruby

DEPENDENCIES
  cowsay
  gist
  github
  lolcat
  neovim
  rake
  tmuxinator

BUNDLED WITH
   1.14.2
